GIT
  remote: git@github.com:ss/se_gem.git
  revision: c3ae48d1c20fbed01b9e3d3ad7783b0f4a3637c2
  specs:
    se_gem (1.0.1)

GEM
  remote: https://rubygems.org/
  specs:
    actionmailer (2.3.18)
      actionpack (= 2.3.18)
    actionpack (2.3.18)
      activesupport (= 2.3.18)
      rack (~> 1.1.0)
    activerecord (2.3.18)
      activesupport (= 2.3.18)
    activeresource (2.3.18)
      activesupport (= 2.3.18)
    activesupport (2.3.18)
    acts_as_taggable (2.0.2)
    ansi (1.4.3)
    authlogic (2.1.1)
      activesupport
    mocha (0.9.7)
      rake
    mysql (2.8.1)
    rack (1.1.6)
    rails (2.3.18)
      actionmailer (= 2.3.18)
      actionpack (= 2.3.18)
      activerecord (= 2.3.18)
      activeresource (= 2.3.18)
      activesupport (= 2.3.18)
      rake (>= 0.8.3)
    rake (0.8.7)
    turn (0.8.2)
      ansi (>= 1.2.2)
    will_paginate (2.3.11)

PLATFORMS
  ruby

DEPENDENCIES
  acts_as_taggable (= 2.0.2)
  authlogic (= 2.1.1)
  mocha (= 0.9.7)
  mysql (= 2.8.1)
  rails (= 2.3.18)
  rake (= 0.8.7)
  se_gem!
  turn (= 0.8.2)
  will_paginate (= 2.3.11)
